PATH
  remote: .
  specs:
    sp-job (0.3.30)
      awesome_print
      backburner
      curb
      ffi
      json
      jwt
      mail
      oauth2
      oauth2-client
      os
      pg
      redis
      roadie
      rollbar

GEM
  remote: https://rubygems.org/
  specs:
    addressable (2.8.0)
      public_suffix (>= 2.0.2, < 5.0)
    awesome_print (1.9.2)
    backburner (1.5.0)
      beaneater (~> 1.0)
      concurrent-ruby (~> 1.0, >= 1.0.1)
      dante (> 0.1.5)
    bcrypt (3.1.16)
    bcrypt-ruby (3.1.5)
      bcrypt (>= 3.1.3)
    beaneater (1.1.1)
    byebug (11.1.3)
    concurrent-ruby (1.1.9)
    css_parser (1.10.0)
      addressable
    curb (0.9.11)
    dante (0.2.0)
    diff-lcs (1.4.4)
    faraday (2.7.3)
      faraday-net_http (>= 2.0, < 3.1)
      ruby2_keywords (>= 0.0.4)
    faraday-net_http (3.0.2)
    ffi (1.15.4)
    hashie (5.0.0)
    json (2.6.1)
    jwt (2.6.0)
    mail (2.7.1)
      mini_mime (>= 0.1.1)
    mini_mime (1.1.2)
    mini_portile2 (2.6.1)
    multi_xml (0.6.0)
    nokogiri (1.12.5)
      mini_portile2 (~> 2.6.1)
      racc (~> 1.4)
    oauth2 (2.0.9)
      faraday (>= 0.17.3, < 3.0)
      jwt (>= 1.0, < 3.0)
      multi_xml (~> 0.5)
      rack (>= 1.2, < 4)
      snaky_hash (~> 2.0)
      version_gem (~> 1.1)
    oauth2-client (2.0.0)
      addressable (~> 2.3)
      bcrypt-ruby (~> 3.0)
    os (1.1.4)
    pg (1.2.3)
    public_suffix (4.0.6)
    racc (1.6.0)
    rack (3.0.4.1)
    rake (10.5.0)
    redis (4.5.1)
    roadie (4.0.0)
      css_parser (~> 1.4)
      nokogiri (~> 1.8)
    rollbar (3.3.0)
    rspec (3.10.0)
      rspec-core (~> 3.10.0)
      rspec-expectations (~> 3.10.0)
      rspec-mocks (~> 3.10.0)
    rspec-core (3.10.1)
      rspec-support (~> 3.10.0)
    rspec-expectations (3.10.1)
      diff-lcs (>= 1.2.0, < 2.0)
      rspec-support (~> 3.10.0)
    rspec-mocks (3.10.2)
      diff-lcs (>= 1.2.0, < 2.0)
      rspec-support (~> 3.10.0)
    rspec-support (3.10.3)
    ruby2_keywords (0.0.5)
    snaky_hash (2.0.1)
      hashie
      version_gem (~> 1.1, >= 1.1.1)
    version_gem (1.1.1)

PLATFORMS
  ruby

DEPENDENCIES
  bundler (~> 1.14)
  byebug
  rake (~> 10.0)
  rspec (~> 3.0)
  sp-job!

BUNDLED WITH
   1.17.3
